PATH
  remote: .
  specs:
    capistrano_rsync_with_remote_cache (2.4.0)
      capistrano (>= 2.1.0)
      jnunemaker-matchy
      mocha
      rake
      shoulda

GEM
  remote: http://rubygems.org/
  specs:
    capistrano (2.9.0)
      highline
      net-scp (>= 1.0.0)
      net-sftp (>= 2.0.0)
      net-ssh (>= 2.0.14)
      net-ssh-gateway (>= 1.1.0)
    highline (1.6.11)
    jnunemaker-matchy (0.4.0)
    metaclass (0.0.1)
    mocha (0.10.4)
      metaclass (~> 0.0.1)
    net-scp (1.0.4)
      net-ssh (>= 1.99.1)
    net-sftp (2.0.5)
      net-ssh (>= 2.0.9)
    net-ssh (2.3.0)
    net-ssh-gateway (1.1.0)
      net-ssh (>= 1.99.1)
    rake (0.9.2.2)
    shoulda (2.11.3)

PLATFORMS
  ruby

DEPENDENCIES
  capistrano_rsync_with_remote_cache!
